PATH
  remote: .
  specs:
    fuubar (2.3.1)
      rspec-core (~> 3.0)
      ruby-progressbar (~> 1.4)

GEM
  remote: https://rubygems.org/
  specs:
    awesome_print (1.8.0)
    chamber (2.12.3)
      hashie (~> 3.3)
      thor (>= 0.19.1, < 0.21)
    diff-lcs (1.3)
    hashie (3.5.7)
    rspec (3.7.0)
      rspec-core (~> 3.7.0)
      rspec-expectations (~> 3.7.0)
      rspec-mocks (~> 3.7.0)
    rspec-core (3.7.1)
      rspec-support (~> 3.7.0)
    rspec-expectations (3.7.0)
      diff-lcs (>= 1.2.0, < 2.0)
      rspec-support (~> 3.7.0)
    rspec-mocks (3.7.0)
      diff-lcs (>= 1.2.0, < 2.0)
      rspec-support (~> 3.7.0)
    rspec-support (3.7.1)
    ruby-progressbar (1.9.0)
    thor (0.20.0)

PLATFORMS
  ruby

DEPENDENCIES
  awesome_print (~> 1.7)
  chamber (~> 2.3)
  fuubar!
  rspec (~> 3.0)

BUNDLED WITH
   1.16.1
